GIT
  remote: https://github.com/davidrunger/release_assistant.git
  revision: 0dcaeeb3a3404dc23ddc4da553a1fdbf4deeb443
  specs:
    release_assistant (0.3.3.alpha)
      activesupport (>= 6, < 8)
      colorize (~> 0.8)
      memoist (~> 0.16)
      slop (~> 4.8)

GIT
  remote: https://github.com/davidrunger/runger_style.git
  revision: ce09d634ad6f2de7936b40a717eca83cfae6d211
  specs:
    runger_style (0.2.22.alpha)

PATH
  remote: .
  specs:
    rspec_performance_summary (0.1.8.alpha)
      rspec-core (~> 3.0)

GEM
  remote: https://rubygems.org/
  specs:
    activesupport (7.0.1)
      concurrent-ruby (~> 1.0, >= 1.0.2)
      i18n (>= 1.6, < 2)
      minitest (>= 5.1)
      tzinfo (~> 2.0)
    ast (2.4.2)
    colorize (0.8.1)
    concurrent-ruby (1.1.9)
    diff-lcs (1.4.4)
    i18n (1.8.11)
      concurrent-ruby (~> 1.0)
    memoist (0.16.2)
    minitest (5.15.0)
    parallel (1.21.0)
    parser (3.1.0.0)
      ast (~> 2.4.1)
    rainbow (3.1.1)
    rake (13.0.6)
    regexp_parser (2.2.0)
    rexml (3.2.5)
    rspec (3.10.0)
      rspec-core (~> 3.10.0)
      rspec-expectations (~> 3.10.0)
      rspec-mocks (~> 3.10.0)
    rspec-core (3.10.2)
      rspec-support (~> 3.10.0)
    rspec-expectations (3.10.1)
      diff-lcs (>= 1.2.0, < 2.0)
      rspec-support (~> 3.10.0)
    rspec-mocks (3.10.1)
      diff-lcs (>= 1.2.0, < 2.0)
      rspec-support (~> 3.10.0)
    rspec-support (3.10.3)
    rubocop (1.25.0)
      parallel (~> 1.10)
      parser (>= 3.1.0.0)
      rainbow (>= 2.2.2, < 4.0)
      regexp_parser (>= 1.8, < 3.0)
      rexml
      rubocop-ast (>= 1.15.1, < 2.0)
      ruby-progressbar (~> 1.7)
      unicode-display_width (>= 1.4.0, < 3.0)
    rubocop-ast (1.15.1)
      parser (>= 3.0.1.1)
    rubocop-performance (1.13.2)
      rubocop (>= 1.7.0, < 2.0)
      rubocop-ast (>= 0.4.0)
    rubocop-rspec (2.8.0)
      rubocop (~> 1.19)
    ruby-progressbar (1.11.0)
    slop (4.9.1)
    tzinfo (2.0.4)
      concurrent-ruby (~> 1.0)
    unicode-display_width (2.1.0)

PLATFORMS
  ruby

DEPENDENCIES
  rake (~> 13.0)
  release_assistant!
  rspec (~> 3.10)
  rspec_performance_summary!
  rubocop
  rubocop-performance
  rubocop-rspec
  runger_style!

BUNDLED WITH
   2.2.3
