GIT
  remote: https://github.com/davidrunger/release_assistant.git
  revision: 1e8f75458487663bf6f563fd31c8a0bea56fbdba
  specs:
    release_assistant (0.3.3.alpha)
      activesupport (>= 6, < 8)
      colorize (~> 0.8)
      memoist (~> 0.16)
      slop (~> 4.8)

GIT
  remote: https://github.com/davidrunger/runger_style.git
  revision: 8d8667f5b5b36bd801d380e97ca3bab88da96e21
  specs:
    runger_style (0.2.22.alpha)
      rubocop (>= 1.38.0, < 2)

PATH
  remote: .
  specs:
    rspec_performance_summary (0.1.8.alpha)
      rspec-core (~> 3.0)

GEM
  remote: https://rubygems.org/
  specs:
    activesupport (7.0.4)
      concurrent-ruby (~> 1.0, >= 1.0.2)
      i18n (>= 1.6, < 2)
      minitest (>= 5.1)
      tzinfo (~> 2.0)
    ast (2.4.2)
    colorize (0.8.1)
    concurrent-ruby (1.1.10)
    diff-lcs (1.5.0)
    i18n (1.12.0)
      concurrent-ruby (~> 1.0)
    json (2.6.3)
    memoist (0.16.2)
    minitest (5.17.0)
    parallel (1.22.1)
    parser (3.1.3.0)
      ast (~> 2.4.1)
    rainbow (3.1.1)
    rake (13.0.6)
    regexp_parser (2.6.1)
    rexml (3.2.5)
    rspec (3.12.0)
      rspec-core (~> 3.12.0)
      rspec-expectations (~> 3.12.0)
      rspec-mocks (~> 3.12.0)
    rspec-core (3.12.0)
      rspec-support (~> 3.12.0)
    rspec-expectations (3.12.0)
      diff-lcs (>= 1.2.0, < 2.0)
      rspec-support (~> 3.12.0)
    rspec-mocks (3.12.0)
      diff-lcs (>= 1.2.0, < 2.0)
      rspec-support (~> 3.12.0)
    rspec-support (3.12.0)
    rubocop (1.42.0)
      json (~> 2.3)
      parallel (~> 1.10)
      parser (>= 3.1.2.1)
      rainbow (>= 2.2.2, < 4.0)
      regexp_parser (>= 1.8, < 3.0)
      rexml (>= 3.2.5, < 4.0)
      rubocop-ast (>= 1.24.1, < 2.0)
      ruby-progressbar (~> 1.7)
      unicode-display_width (>= 1.4.0, < 3.0)
    rubocop-ast (1.24.1)
      parser (>= 3.1.1.0)
    rubocop-performance (1.15.2)
      rubocop (>= 1.7.0, < 2.0)
      rubocop-ast (>= 0.4.0)
    rubocop-rspec (2.16.0)
      rubocop (~> 1.33)
    ruby-progressbar (1.11.0)
    slop (4.9.3)
    tzinfo (2.0.5)
      concurrent-ruby (~> 1.0)
    unicode-display_width (2.3.0)

PLATFORMS
  ruby

DEPENDENCIES
  rake (~> 13.0)
  release_assistant!
  rspec (~> 3.12)
  rspec_performance_summary!
  rubocop
  rubocop-performance
  rubocop-rspec
  runger_style!

BUNDLED WITH
   2.2.22
